PATH
  remote: .
  specs:
    resque-multi-job-forks (0.3.2)
      json
      resque (~> 1.22)

GEM
  remote: http://rubygems.org/
  specs:
    json (1.7.7)
    multi_json (1.6.1)
    rack (1.5.2)
    rack-protection (1.3.2)
      rack
    rake (0.8.7)
    redis (3.0.2)
    redis-namespace (1.2.1)
      redis (~> 3.0.0)
    resque (1.23.0)
      multi_json (~> 1.0)
      redis-namespace (~> 1.0)
      sinatra (>= 0.9.2)
      vegas (~> 0.1.2)
    sinatra (1.3.5)
      rack (~> 1.4)
      rack-protection (~> 1.3)
      tilt (~> 1.3, >= 1.3.3)
    tilt (1.3.3)
    vegas (0.1.11)
      rack (>= 1.0.0)

PLATFORMS
  ruby

DEPENDENCIES
  bundler
  rake
  resque-multi-job-forks!
